GIT
  remote: https://github.com/igrigorik/em-http-request.git
  revision: d881de93e8356e92be7af0765883fefcceed436c
  specs:
    em-http-request (1.0.0)
      addressable (>= 2.2.3)
      em-socksify
      eventmachine (>= 1.0.0.beta.3)
      http_parser.rb (>= 0.5.2)

GIT
  remote: https://github.com/igrigorik/em-synchrony.git
  revision: bd82882106f4b11b249c0c1d88d6bdba632ce428
  specs:
    em-synchrony (1.0.0)
      eventmachine (>= 1.0.0.beta.1)

GIT
  remote: https://github.com/kuruma-gs/embedly-ruby.git
  revision: 0fcd42c25c3aa6482c695e138cc904f426f35599
  specs:
    embedly-ruby (1.1.0)
      querystring (>= 0.1.0)

GEM
  remote: http://rubygems.org/
  specs:
    activesupport (3.0.10)
    addressable (2.2.6)
    async-rack (0.5.1)
      rack (~> 1.1)
    cramp (0.15.1)
      activesupport (~> 3.0.9)
      eventmachine (~> 1.0.0.beta.3)
      rack (~> 1.3.2)
      thor (~> 0.14.6)
    daemons (1.1.4)
    em-socksify (0.1.0)
      eventmachine
    eventmachine (1.0.0.beta.3)
    http_parser.rb (0.5.2)
    http_router (0.10.2)
      rack (>= 1.0.0)
      url_mount (~> 0.2.1)
    nokogiri (1.5.0)
    querystring (0.1.0)
    rack (1.3.2)
    thin (1.2.11)
      daemons (>= 1.0.9)
      eventmachine (>= 0.12.6)
      rack (>= 1.0.0)
    thor (0.14.6)
    url_mount (0.2.1)
      rack

PLATFORMS
  ruby

DEPENDENCIES
  async-rack
  cramp
  em-http-request!
  em-synchrony!
  embedly-ruby!
  http_router
  nokogiri
  thin
